

GROUP app
FRAMEWORK: NET46, NETSTANDARD15
NUGET
  remote: https://www.nuget.org/api/v2
    Autofac (4.5)
      NETStandard.Library (>= 1.6) - framework: netstandard15
      System.ComponentModel (>= 4.0.1) - framework: netstandard15
    BarsGroup.CodeGuard (3.2.42)
      NETStandard.Library (>= 1.6.1) - framework: netstandard15
    log4net (2.0.8)
      System.AppContext (>= 4.1) - framework: netstandard15
      System.Collections.NonGeneric (>= 4.0.1) - framework: netstandard15
      System.Console (>= 4.0) - framework: netstandard15
      System.Diagnostics.Debug (>= 4.0.11) - framework: netstandard15
      System.Diagnostics.Process (>= 4.1) - framework: netstandard15
      System.Diagnostics.StackTrace (>= 4.0.1) - framework: netstandard15
      System.Diagnostics.TraceSource (>= 4.0) - framework: netstandard15
      System.IO.FileSystem (>= 4.0.1) - framework: netstandard15
      System.IO.FileSystem.Watcher (>= 4.0) - framework: netstandard15
      System.Linq (>= 4.1) - framework: netstandard15
      System.Net.NameResolution (>= 4.0) - framework: netstandard15
      System.Net.Requests (>= 4.0.11) - framework: netstandard15
      System.Net.Sockets (>= 4.1) - framework: netstandard15
      System.Reflection (>= 4.3) - framework: netstandard15
      System.Reflection.Extensions (>= 4.0.1) - framework: netstandard15
      System.Reflection.TypeExtensions (>= 4.1) - framework: netstandard15
      System.Runtime.Extensions (>= 4.1) - framework: netstandard15
      System.Runtime.InteropServices (>= 4.1) - framework: netstandard15
      System.Runtime.InteropServices.RuntimeInformation (>= 4.0) - framework: netstandard15
      System.Runtime.Serialization.Formatters (>= 4.3) - framework: netstandard15
      System.Text.RegularExpressions (>= 4.1) - framework: netstandard15
      System.Threading (>= 4.0.11) - framework: netstandard15
      System.Threading.Thread (>= 4.0) - framework: netstandard15
      System.Threading.Timer (>= 4.0.1) - framework: netstandard15
      System.Xml.ReaderWriter (>= 4.0.11) - framework: netstandard15
      System.Xml.XmlDocument (>= 4.0.1) - framework: netstandard15
    Microsoft.CSharp (4.3)
      System.Collections (>= 4.3) - framework: netstandard15
      System.Diagnostics.Debug (>= 4.3) - framework: netstandard15
      System.Dynamic.Runtime (>= 4.3) - framework: netstandard15
      System.Globalization (>= 4.3) - framework: netstandard15
      System.Linq (>= 4.3) - framework: netstandard15
      System.Linq.Expressions (>= 4.3) - framework: netstandard15
      System.ObjectModel (>= 4.3) - framework: netstandard15
      System.Reflection (>= 4.3) - framework: netstandard15
      System.Reflection.Extensions (>= 4.3) - framework: netstandard15
      System.Reflection.Primitives (>= 4.3) - framework: netstandard15
      System.Reflection.TypeExtensions (>= 4.3) - framework: netstandard15
      System.Resources.ResourceManager (>= 4.3) - framework: netstandard15
      System.Runtime (>= 4.3) - framework: netstandard15
      System.Runtime.Extensions (>= 4.3) - framework: netstandard15
      System.Runtime.InteropServices (>= 4.3) - framework: netstandard15
      System.Threading (>= 4.3) - framework: netstandard15
    Microsoft.NETCore.Platforms (1.1)
    Microsoft.NETCore.Targets (1.1)
    Microsoft.Win32.Primitives (4.3)
      Microsoft.NETCore.Platforms (>= 1.1) - framework: netstandard15
      Microsoft.NETCore.Targets (>= 1.1) - framework: netstandard15
      System.Runtime (>= 4.3) - framework: netstandard15
    Microsoft.Win32.Registry (4.3)
      Microsoft.NETCore.Platforms (>= 1.1) - framework: netstandard15
      System.Collections (>= 4.3) - framework: netstandard15
      System.Globalization (>= 4.3) - framework: netstandard15
      System.Resources.ResourceManager (>= 4.3) - framework: netstandard15
      System.Runtime (>= 4.3) - framework: netstandard15
      System.Runtime.Extensions (>= 4.3) - framework: netstandard15
      System.Runtime.Handles (>= 4.3) - framework: netstandard15
      System.Runtime.InteropServices (>= 4.3) - framework: netstandard15
    NETStandard.Library (1.6.1)
      Microsoft.NETCore.Platforms (>= 1.1) - framework: netstandard15
      Microsoft.Win32.Primitives (>= 4.3)
      System.AppContext (>= 4.3)
      System.Collections (>= 4.3) - framework: netstandard15
      System.Collections.Concurrent (>= 4.3)
      System.Console (>= 4.3)
      System.Diagnostics.Debug (>= 4.3) - framework: netstandard15
      System.Diagnostics.Tools (>= 4.3) - framework: netstandard15
      System.Diagnostics.Tracing (>= 4.3)
      System.Globalization (>= 4.3) - framework: netstandard15
      System.Globalization.Calendars (>= 4.3)
      System.IO (>= 4.3) - framework: netstandard15
      System.IO.Compression (>= 4.3)
      System.IO.Compression.ZipFile (>= 4.3)
      System.IO.FileSystem (>= 4.3)
      System.IO.FileSystem.Primitives (>= 4.3)
      System.Linq (>= 4.3) - framework: netstandard15
      System.Linq.Expressions (>= 4.3) - framework: netstandard15
      System.Net.Http (>= 4.3)
      System.Net.Primitives (>= 4.3) - framework: netstandard15
      System.Net.Sockets (>= 4.3)
      System.ObjectModel (>= 4.3) - framework: netstandard15
      System.Reflection (>= 4.3) - framework: netstandard15
      System.Reflection.Extensions (>= 4.3) - framework: netstandard15
      System.Reflection.Primitives (>= 4.3) - framework: netstandard15
      System.Resources.ResourceManager (>= 4.3) - framework: netstandard15
      System.Runtime (>= 4.3) - framework: netstandard15
      System.Runtime.Extensions (>= 4.3) - framework: netstandard15
      System.Runtime.Handles (>= 4.3)
      System.Runtime.InteropServices (>= 4.3)
      System.Runtime.InteropServices.RuntimeInformation (>= 4.3)
      System.Runtime.Numerics (>= 4.3)
      System.Security.Cryptography.Algorithms (>= 4.3)
      System.Security.Cryptography.Encoding (>= 4.3)
      System.Security.Cryptography.Primitives (>= 4.3)
      System.Security.Cryptography.X509Certificates (>= 4.3)
      System.Text.Encoding (>= 4.3) - framework: netstandard15
      System.Text.Encoding.Extensions (>= 4.3) - framework: netstandard15
      System.Text.RegularExpressions (>= 4.3) - framework: netstandard15
      System.Threading (>= 4.3) - framework: netstandard15
      System.Threading.Tasks (>= 4.3) - framework: netstandard15
      System.Threading.Timer (>= 4.3)
      System.Xml.ReaderWriter (>= 4.3) - framework: netstandard15
      System.Xml.XDocument (>= 4.3) - framework: netstandard15
    Newtonsoft.Json (10.0.2)
      Microsoft.CSharp (>= 4.3) - framework: netstandard15
      NETStandard.Library (>= 1.6.1) - framework: netstandard15
      System.ComponentModel.TypeConverter (>= 4.3) - framework: netstandard15
      System.Runtime.Serialization.Formatters (>= 4.3) - framework: netstandard15
      System.Runtime.Serialization.Primitives (>= 4.3) - framework: netstandard15
      System.Xml.XmlDocument (>= 4.3) - framework: netstandard15
    runtime.debian.8-x64.runtime.native.System.Security.Cryptography.OpenSsl (4.3)
    runtime.fedora.23-x64.runtime.native.System.Security.Cryptography.OpenSsl (4.3)
    runtime.fedora.24-x64.runtime.native.System.Security.Cryptography.OpenSsl (4.3)
    runtime.native.System (4.3)
      Microsoft.NETCore.Platforms (>= 1.1)
      Microsoft.NETCore.Targets (>= 1.1)
    runtime.native.System.IO.Compression (4.3)
      Microsoft.NETCore.Platforms (>= 1.1)
      Microsoft.NETCore.Targets (>= 1.1)
    runtime.native.System.Security.Cryptography.OpenSsl (4.3)
      runtime.debian.8-x64.runtime.native.System.Security.Cryptography.OpenSsl (>= 4.3)
      runtime.fedora.23-x64.runtime.native.System.Security.Cryptography.OpenSsl (>= 4.3)
      runtime.fedora.24-x64.runtime.native.System.Security.Cryptography.OpenSsl (>= 4.3)
      runtime.opensuse.13.2-x64.runtime.native.System.Security.Cryptography.OpenSsl (>= 4.3)
      runtime.opensuse.42.1-x64.runtime.native.System.Security.Cryptography.OpenSsl (>= 4.3)
      runtime.osx.10.10-x64.runtime.native.System.Security.Cryptography.OpenSsl (>= 4.3)
      runtime.rhel.7-x64.runtime.native.System.Security.Cryptography.OpenSsl (>= 4.3)
      runtime.ubuntu.14.04-x64.runtime.native.System.Security.Cryptography.OpenSsl (>= 4.3)
      runtime.ubuntu.16.04-x64.runtime.native.System.Security.Cryptography.OpenSsl (>= 4.3)
      runtime.ubuntu.16.10-x64.runtime.native.System.Security.Cryptography.OpenSsl (>= 4.3)
    runtime.opensuse.13.2-x64.runtime.native.System.Security.Cryptography.OpenSsl (4.3)
    runtime.opensuse.42.1-x64.runtime.native.System.Security.Cryptography.OpenSsl (4.3)
    runtime.osx.10.10-x64.runtime.native.System.Security.Cryptography.OpenSsl (4.3)
    runtime.rhel.7-x64.runtime.native.System.Security.Cryptography.OpenSsl (4.3)
    runtime.ubuntu.14.04-x64.runtime.native.System.Security.Cryptography.OpenSsl (4.3)
    runtime.ubuntu.16.04-x64.runtime.native.System.Security.Cryptography.OpenSsl (4.3)
    runtime.ubuntu.16.10-x64.runtime.native.System.Security.Cryptography.OpenSsl (4.3)
    System.AppContext (4.3)
    System.Buffers (4.3)
      System.Diagnostics.Debug (>= 4.3) - framework: netstandard15
      System.Diagnostics.Tracing (>= 4.3) - framework: netstandard15
      System.Resources.ResourceManager (>= 4.3) - framework: netstandard15
      System.Runtime (>= 4.3) - framework: netstandard15
      System.Threading (>= 4.3) - framework: netstandard15
    System.Collections (4.3)
      Microsoft.NETCore.Platforms (>= 1.1) - framework: netstandard15
      Microsoft.NETCore.Targets (>= 1.1) - framework: netstandard15
      System.Runtime (>= 4.3) - framework: netstandard15
    System.Collections.Concurrent (4.3)
      System.Collections (>= 4.3) - framework: netstandard15
      System.Diagnostics.Debug (>= 4.3) - framework: netstandard15
      System.Diagnostics.Tracing (>= 4.3) - framework: netstandard15
      System.Globalization (>= 4.3) - framework: netstandard15
      System.Reflection (>= 4.3) - framework: netstandard15
      System.Resources.ResourceManager (>= 4.3) - framework: netstandard15
      System.Runtime (>= 4.3) - framework: netstandard15
      System.Runtime.Extensions (>= 4.3) - framework: netstandard15
      System.Threading (>= 4.3) - framework: netstandard15
      System.Threading.Tasks (>= 4.3) - framework: netstandard15
    System.Collections.Immutable (1.3.1)
      System.Collections (>= 4.3) - framework: netstandard15
      System.Diagnostics.Debug (>= 4.3) - framework: netstandard15
      System.Globalization (>= 4.3) - framework: netstandard15
      System.Linq (>= 4.3) - framework: netstandard15
      System.Resources.ResourceManager (>= 4.3) - framework: netstandard15
      System.Runtime (>= 4.3) - framework: netstandard15
      System.Runtime.Extensions (>= 4.3) - framework: netstandard15
      System.Threading (>= 4.3) - framework: netstandard15
    System.Collections.NonGeneric (4.3)
      System.Diagnostics.Debug (>= 4.3) - framework: netstandard15
      System.Globalization (>= 4.3) - framework: netstandard15
      System.Resources.ResourceManager (>= 4.3) - framework: netstandard15
      System.Runtime (>= 4.3) - framework: netstandard15
      System.Runtime.Extensions (>= 4.3) - framework: netstandard15
      System.Threading (>= 4.3) - framework: netstandard15
    System.Collections.Specialized (4.3)
      System.Collections.NonGeneric (>= 4.3) - framework: netstandard15
      System.Globalization (>= 4.3) - framework: netstandard15
      System.Globalization.Extensions (>= 4.3) - framework: netstandard15
      System.Resources.ResourceManager (>= 4.3) - framework: netstandard15
      System.Runtime (>= 4.3) - framework: netstandard15
      System.Runtime.Extensions (>= 4.3) - framework: netstandard15
      System.Threading (>= 4.3) - framework: netstandard15
    System.ComponentModel (4.3)
      System.Runtime (>= 4.3) - framework: netstandard15
    System.ComponentModel.Primitives (4.3)
      System.ComponentModel (>= 4.3) - framework: netstandard15
      System.Resources.ResourceManager (>= 4.3) - framework: netstandard15
      System.Runtime (>= 4.3) - framework: netstandard15
    System.ComponentModel.TypeConverter (4.3)
      System.Collections (>= 4.3) - framework: netstandard15
      System.Collections.NonGeneric (>= 4.3) - framework: net46, >= net462, netstandard15
      System.Collections.Specialized (>= 4.3) - framework: netstandard15
      System.ComponentModel (>= 4.3) - framework: netstandard15
      System.ComponentModel.Primitives (>= 4.3) - framework: net45, net46, >= net462, netstandard15
      System.Globalization (>= 4.3) - framework: netstandard15
      System.Linq (>= 4.3) - framework: netstandard15
      System.Reflection (>= 4.3) - framework: netstandard15
      System.Reflection.Extensions (>= 4.3) - framework: netstandard15
      System.Reflection.Primitives (>= 4.3) - framework: netstandard15
      System.Reflection.TypeExtensions (>= 4.3) - framework: netstandard15
      System.Resources.ResourceManager (>= 4.3) - framework: netstandard15
      System.Runtime (>= 4.3) - framework: netstandard15
      System.Runtime.Extensions (>= 4.3) - framework: netstandard15
      System.Threading (>= 4.3) - framework: netstandard15
    System.Console (4.3)
      Microsoft.NETCore.Platforms (>= 1.1) - framework: netstandard15
      Microsoft.NETCore.Targets (>= 1.1) - framework: netstandard15
      System.IO (>= 4.3) - framework: netstandard15
      System.Runtime (>= 4.3) - framework: netstandard15
      System.Text.Encoding (>= 4.3) - framework: netstandard15
    System.Diagnostics.Debug (4.3)
      Microsoft.NETCore.Platforms (>= 1.1) - framework: netstandard15
      Microsoft.NETCore.Targets (>= 1.1) - framework: netstandard15
      System.Runtime (>= 4.3) - framework: netstandard15
    System.Diagnostics.Process (4.3)
      Microsoft.NETCore.Platforms (>= 1.1) - framework: netstandard15
      Microsoft.Win32.Primitives (>= 4.3) - framework: netstandard15
      Microsoft.Win32.Registry (>= 4.3) - framework: netstandard15
      runtime.native.System (>= 4.3) - framework: netstandard15
      System.Collections (>= 4.3) - framework: netstandard15
      System.Diagnostics.Debug (>= 4.3) - framework: netstandard15
      System.Globalization (>= 4.3) - framework: netstandard15
      System.IO (>= 4.3) - framework: netstandard15
      System.IO.FileSystem (>= 4.3) - framework: netstandard15
      System.IO.FileSystem.Primitives (>= 4.3) - framework: netstandard15
      System.Resources.ResourceManager (>= 4.3) - framework: netstandard15
      System.Runtime (>= 4.3) - framework: netstandard15
      System.Runtime.Extensions (>= 4.3) - framework: netstandard15
      System.Runtime.Handles (>= 4.3) - framework: netstandard15
      System.Runtime.InteropServices (>= 4.3) - framework: netstandard15
      System.Text.Encoding (>= 4.3) - framework: netstandard15
      System.Text.Encoding.Extensions (>= 4.3) - framework: netstandard15
      System.Threading (>= 4.3) - framework: netstandard15
      System.Threading.Tasks (>= 4.3) - framework: netstandard15
      System.Threading.Thread (>= 4.3) - framework: netstandard15
      System.Threading.ThreadPool (>= 4.3) - framework: netstandard15
    System.Diagnostics.StackTrace (4.3)
      System.IO.FileSystem (>= 4.3) - framework: netstandard15
      System.Reflection (>= 4.3) - framework: netstandard15
      System.Reflection.Metadata (>= 1.4.1) - framework: netstandard15
      System.Runtime (>= 4.3) - framework: netstandard15
    System.Diagnostics.Tools (4.3)
      Microsoft.NETCore.Platforms (>= 1.1) - framework: netstandard15
      Microsoft.NETCore.Targets (>= 1.1) - framework: netstandard15
      System.Runtime (>= 4.3) - framework: netstandard15
    System.Diagnostics.TraceSource (4.3)
      Microsoft.NETCore.Platforms (>= 1.1) - framework: netstandard15
      runtime.native.System (>= 4.3) - framework: netstandard15
      System.Collections (>= 4.3) - framework: netstandard15
      System.Diagnostics.Debug (>= 4.3) - framework: netstandard15
      System.Globalization (>= 4.3) - framework: netstandard15
      System.Resources.ResourceManager (>= 4.3) - framework: netstandard15
      System.Runtime (>= 4.3) - framework: netstandard15
      System.Runtime.Extensions (>= 4.3) - framework: netstandard15
      System.Threading (>= 4.3) - framework: netstandard15
    System.Diagnostics.Tracing (4.3)
      Microsoft.NETCore.Platforms (>= 1.1) - framework: netstandard15
      Microsoft.NETCore.Targets (>= 1.1) - framework: netstandard15
      System.Runtime (>= 4.3) - framework: netstandard15
    System.Dynamic.Runtime (4.3)
      System.Collections (>= 4.3) - framework: netstandard15
      System.Diagnostics.Debug (>= 4.3) - framework: netstandard15
      System.Linq (>= 4.3) - framework: netstandard15
      System.Linq.Expressions (>= 4.3) - framework: netstandard15
      System.ObjectModel (>= 4.3) - framework: netstandard15
      System.Reflection (>= 4.3) - framework: netstandard15
      System.Reflection.Emit (>= 4.3) - framework: netstandard15
      System.Reflection.Emit.ILGeneration (>= 4.3) - framework: netstandard15
      System.Reflection.Primitives (>= 4.3) - framework: netstandard15
      System.Reflection.TypeExtensions (>= 4.3) - framework: netstandard15
      System.Resources.ResourceManager (>= 4.3) - framework: netstandard15
      System.Runtime (>= 4.3) - framework: netstandard15
      System.Runtime.Extensions (>= 4.3) - framework: netstandard15
      System.Threading (>= 4.3) - framework: netstandard15
    System.Globalization (4.3)
      Microsoft.NETCore.Platforms (>= 1.1) - framework: netstandard15
      Microsoft.NETCore.Targets (>= 1.1) - framework: netstandard15
      System.Runtime (>= 4.3) - framework: netstandard15
    System.Globalization.Calendars (4.3)
      Microsoft.NETCore.Platforms (>= 1.1) - framework: netstandard15
      Microsoft.NETCore.Targets (>= 1.1) - framework: netstandard15
      System.Globalization (>= 4.3) - framework: netstandard15
      System.Runtime (>= 4.3) - framework: netstandard15
    System.Globalization.Extensions (4.3)
      Microsoft.NETCore.Platforms (>= 1.1) - framework: netstandard15
      System.Globalization (>= 4.3) - framework: netstandard15
      System.Resources.ResourceManager (>= 4.3) - framework: netstandard15
      System.Runtime (>= 4.3) - framework: netstandard15
      System.Runtime.Extensions (>= 4.3) - framework: netstandard15
      System.Runtime.InteropServices (>= 4.3) - framework: netstandard15
    System.IO (4.3)
      Microsoft.NETCore.Platforms (>= 1.1) - framework: netstandard15
      Microsoft.NETCore.Targets (>= 1.1) - framework: netstandard15
      System.Runtime (>= 4.3) - framework: netstandard15
      System.Text.Encoding (>= 4.3) - framework: netstandard15
      System.Threading.Tasks (>= 4.3) - framework: netstandard15
    System.IO.Compression (4.3)
      Microsoft.NETCore.Platforms (>= 1.1) - framework: netstandard15
      runtime.native.System (>= 4.3) - framework: netstandard15
      runtime.native.System.IO.Compression (>= 4.3) - framework: netstandard15
      System.Buffers (>= 4.3) - framework: netstandard15
      System.Collections (>= 4.3) - framework: netstandard15
      System.Diagnostics.Debug (>= 4.3) - framework: netstandard15
      System.IO (>= 4.3) - framework: netstandard15
      System.Resources.ResourceManager (>= 4.3) - framework: netstandard15
      System.Runtime (>= 4.3) - framework: netstandard15
      System.Runtime.Extensions (>= 4.3) - framework: netstandard15
      System.Runtime.Handles (>= 4.3) - framework: netstandard15
      System.Runtime.InteropServices (>= 4.3) - framework: netstandard15
      System.Text.Encoding (>= 4.3) - framework: netstandard15
      System.Threading (>= 4.3) - framework: netstandard15
      System.Threading.Tasks (>= 4.3) - framework: netstandard15
    System.IO.Compression.ZipFile (4.3)
      System.Buffers (>= 4.3) - framework: netstandard15
      System.IO (>= 4.3) - framework: netstandard15
      System.IO.Compression (>= 4.3) - framework: netstandard15
      System.IO.FileSystem (>= 4.3) - framework: netstandard15
      System.IO.FileSystem.Primitives (>= 4.3) - framework: netstandard15
      System.Resources.ResourceManager (>= 4.3) - framework: netstandard15
      System.Runtime (>= 4.3) - framework: netstandard15
      System.Runtime.Extensions (>= 4.3) - framework: netstandard15
      System.Text.Encoding (>= 4.3) - framework: netstandard15
    System.IO.FileSystem (4.3)
      Microsoft.NETCore.Platforms (>= 1.1) - framework: netstandard15
      Microsoft.NETCore.Targets (>= 1.1) - framework: netstandard15
      System.IO (>= 4.3) - framework: netstandard15
      System.IO.FileSystem.Primitives (>= 4.3)
      System.Runtime (>= 4.3) - framework: netstandard15
      System.Runtime.Handles (>= 4.3) - framework: netstandard15
      System.Text.Encoding (>= 4.3) - framework: netstandard15
      System.Threading.Tasks (>= 4.3) - framework: netstandard15
    System.IO.FileSystem.Primitives (4.3)
      System.Runtime (>= 4.3) - framework: netstandard15
    System.IO.FileSystem.Watcher (4.3)
      Microsoft.NETCore.Platforms (>= 1.1) - framework: netstandard15
      Microsoft.Win32.Primitives (>= 4.3) - framework: netstandard15
      runtime.native.System (>= 4.3) - framework: netstandard15
      System.Collections (>= 4.3) - framework: netstandard15
      System.IO.FileSystem (>= 4.3) - framework: netstandard15
      System.IO.FileSystem.Primitives (>= 4.3) - framework: netstandard15
      System.Resources.ResourceManager (>= 4.3) - framework: netstandard15
      System.Runtime (>= 4.3) - framework: netstandard15
      System.Runtime.Extensions (>= 4.3) - framework: netstandard15
      System.Runtime.Handles (>= 4.3) - framework: netstandard15
      System.Runtime.InteropServices (>= 4.3) - framework: netstandard15
      System.Text.Encoding (>= 4.3) - framework: netstandard15
      System.Threading (>= 4.3) - framework: netstandard15
      System.Threading.Overlapped (>= 4.3) - framework: netstandard15
      System.Threading.Tasks (>= 4.3) - framework: netstandard15
      System.Threading.Thread (>= 4.3) - framework: netstandard15
    System.Linq (4.3)
    System.Linq.Expressions (4.3)
    System.Net.Http (4.3.1)
      System.Security.Cryptography.X509Certificates (>= 4.3) - framework: net46
    System.Net.NameResolution (4.3)
      Microsoft.NETCore.Platforms (>= 1.1) - framework: netstandard15
      runtime.native.System (>= 4.3) - framework: netstandard15
      System.Collections (>= 4.3) - framework: netstandard15
      System.Diagnostics.Tracing (>= 4.3) - framework: netstandard15
      System.Globalization (>= 4.3) - framework: netstandard15
      System.Net.Primitives (>= 4.3) - framework: netstandard15
      System.Resources.ResourceManager (>= 4.3) - framework: netstandard15
      System.Runtime (>= 4.3) - framework: netstandard15
      System.Runtime.Extensions (>= 4.3) - framework: netstandard15
      System.Runtime.Handles (>= 4.3) - framework: netstandard15
      System.Runtime.InteropServices (>= 4.3) - framework: netstandard15
      System.Security.Principal.Windows (>= 4.3) - framework: netstandard15
      System.Threading (>= 4.3) - framework: netstandard15
      System.Threading.Tasks (>= 4.3) - framework: netstandard15
    System.Net.Primitives (4.3)
      Microsoft.NETCore.Platforms (>= 1.1) - framework: netstandard15
      Microsoft.NETCore.Targets (>= 1.1) - framework: netstandard15
      System.Runtime (>= 4.3) - framework: netstandard15
      System.Runtime.Handles (>= 4.3) - framework: netstandard15
    System.Net.Requests (4.3)
      Microsoft.NETCore.Platforms (>= 1.1) - framework: netstandard15
      System.Collections (>= 4.3) - framework: netstandard15
      System.Diagnostics.Debug (>= 4.3) - framework: netstandard15
      System.Diagnostics.Tracing (>= 4.3) - framework: netstandard15
      System.Globalization (>= 4.3) - framework: netstandard15
      System.IO (>= 4.3) - framework: netstandard15
      System.Net.Http (>= 4.3) - framework: netstandard15
      System.Net.Primitives (>= 4.3) - framework: netstandard15
      System.Net.WebHeaderCollection (>= 4.3) - framework: netstandard15
      System.Resources.ResourceManager (>= 4.3) - framework: netstandard15
      System.Runtime (>= 4.3) - framework: netstandard15
      System.Threading (>= 4.3) - framework: netstandard15
      System.Threading.Tasks (>= 4.3) - framework: netstandard15
    System.Net.Sockets (4.3)
      Microsoft.NETCore.Platforms (>= 1.1) - framework: netstandard15
      Microsoft.NETCore.Targets (>= 1.1) - framework: netstandard15
      System.IO (>= 4.3) - framework: netstandard15
      System.Net.Primitives (>= 4.3) - framework: netstandard15
      System.Runtime (>= 4.3) - framework: netstandard15
      System.Threading.Tasks (>= 4.3) - framework: netstandard15
    System.Net.WebHeaderCollection (4.3)
      System.Collections (>= 4.3) - framework: netstandard15
      System.Resources.ResourceManager (>= 4.3) - framework: netstandard15
      System.Runtime (>= 4.3) - framework: netstandard15
      System.Runtime.Extensions (>= 4.3) - framework: netstandard15
    System.ObjectModel (4.3)
      System.Collections (>= 4.3) - framework: netstandard15
      System.Diagnostics.Debug (>= 4.3) - framework: netstandard15
      System.Resources.ResourceManager (>= 4.3) - framework: netstandard15
      System.Runtime (>= 4.3) - framework: netstandard15
      System.Threading (>= 4.3) - framework: netstandard15
    System.Reflection (4.3)
      Microsoft.NETCore.Platforms (>= 1.1) - framework: netstandard15
      Microsoft.NETCore.Targets (>= 1.1) - framework: netstandard15
      System.IO (>= 4.3) - framework: netstandard15
      System.Reflection.Primitives (>= 4.3) - framework: netstandard15
      System.Runtime (>= 4.3) - framework: netstandard15
    System.Reflection.Emit (4.3)
      System.IO (>= 4.3) - framework: netstandard15
      System.Reflection (>= 4.3) - framework: netstandard15
      System.Reflection.Emit.ILGeneration (>= 4.3) - framework: netstandard15
      System.Reflection.Primitives (>= 4.3) - framework: netstandard15
      System.Runtime (>= 4.3) - framework: netstandard15
    System.Reflection.Emit.ILGeneration (4.3)
      System.Reflection (>= 4.3) - framework: netstandard15
      System.Reflection.Primitives (>= 4.3) - framework: netstandard15
      System.Runtime (>= 4.3) - framework: netstandard15
    System.Reflection.Extensions (4.3)
      Microsoft.NETCore.Platforms (>= 1.1) - framework: netstandard15
      Microsoft.NETCore.Targets (>= 1.1) - framework: netstandard15
      System.Reflection (>= 4.3) - framework: netstandard15
      System.Runtime (>= 4.3) - framework: netstandard15
    System.Reflection.Metadata (1.4.2)
      System.Collections (>= 4.3) - framework: netstandard15
      System.Collections.Immutable (>= 1.3.1)
      System.Diagnostics.Debug (>= 4.3) - framework: netstandard15
      System.IO (>= 4.3) - framework: netstandard15
      System.IO.Compression (>= 4.3) - framework: netstandard15
      System.Linq (>= 4.3) - framework: netstandard15
      System.Reflection (>= 4.3) - framework: netstandard15
      System.Reflection.Extensions (>= 4.3) - framework: netstandard15
      System.Reflection.Primitives (>= 4.3) - framework: netstandard15
      System.Resources.ResourceManager (>= 4.3) - framework: netstandard15
      System.Runtime (>= 4.3) - framework: netstandard15
      System.Runtime.Extensions (>= 4.3) - framework: netstandard15
      System.Runtime.InteropServices (>= 4.3) - framework: netstandard15
      System.Text.Encoding (>= 4.3) - framework: netstandard15
      System.Text.Encoding.Extensions (>= 4.3) - framework: netstandard15
      System.Threading (>= 4.3) - framework: netstandard15
    System.Reflection.Primitives (4.3)
      Microsoft.NETCore.Platforms (>= 1.1) - framework: netstandard15
      Microsoft.NETCore.Targets (>= 1.1) - framework: netstandard15
      System.Runtime (>= 4.3) - framework: netstandard15
    System.Reflection.TypeExtensions (4.3)
      System.Reflection (>= 4.3) - framework: net46, >= net462, netstandard15
      System.Runtime (>= 4.3) - framework: netstandard15
    System.Resources.ResourceManager (4.3)
      Microsoft.NETCore.Platforms (>= 1.1) - framework: netstandard15
      Microsoft.NETCore.Targets (>= 1.1) - framework: netstandard15
      System.Globalization (>= 4.3) - framework: netstandard15
      System.Reflection (>= 4.3) - framework: netstandard15
      System.Runtime (>= 4.3) - framework: netstandard15
    System.Runtime (4.3)
      Microsoft.NETCore.Platforms (>= 1.1) - framework: netstandard15
      Microsoft.NETCore.Targets (>= 1.1) - framework: netstandard15
    System.Runtime.Extensions (4.3)
      Microsoft.NETCore.Platforms (>= 1.1) - framework: netstandard15
      Microsoft.NETCore.Targets (>= 1.1) - framework: netstandard15
      System.Runtime (>= 4.3) - framework: netstandard15
    System.Runtime.Handles (4.3)
      Microsoft.NETCore.Platforms (>= 1.1) - framework: netstandard15
      Microsoft.NETCore.Targets (>= 1.1) - framework: netstandard15
      System.Runtime (>= 4.3) - framework: netstandard15
    System.Runtime.InteropServices (4.3)
      Microsoft.NETCore.Platforms (>= 1.1) - framework: netstandard15
      Microsoft.NETCore.Targets (>= 1.1) - framework: netstandard15
      System.Reflection (>= 4.3) - framework: netstandard15
      System.Reflection.Primitives (>= 4.3) - framework: netstandard15
      System.Runtime (>= 4.3) - framework: net46, >= net462, netstandard15
      System.Runtime.Handles (>= 4.3) - framework: netstandard15
    System.Runtime.InteropServices.RuntimeInformation (4.3)
      runtime.native.System (>= 4.3) - framework: netstandard15
      System.Reflection (>= 4.3) - framework: netstandard15
      System.Reflection.Extensions (>= 4.3) - framework: netstandard15
      System.Resources.ResourceManager (>= 4.3) - framework: netstandard15
      System.Runtime (>= 4.3) - framework: netstandard15
      System.Runtime.InteropServices (>= 4.3) - framework: netstandard15
      System.Threading (>= 4.3) - framework: netstandard15
    System.Runtime.Numerics (4.3)
      System.Globalization (>= 4.3) - framework: netstandard15
      System.Resources.ResourceManager (>= 4.3) - framework: netstandard15
      System.Runtime (>= 4.3) - framework: netstandard15
      System.Runtime.Extensions (>= 4.3) - framework: netstandard15
    System.Runtime.Serialization.Formatters (4.3)
      System.Collections (>= 4.3) - framework: netstandard15
      System.Reflection (>= 4.3) - framework: netstandard15
      System.Resources.ResourceManager (>= 4.3) - framework: netstandard15
      System.Runtime (>= 4.3) - framework: netstandard15
      System.Runtime.Serialization.Primitives (>= 4.3)
    System.Runtime.Serialization.Primitives (4.3)
      System.Resources.ResourceManager (>= 4.3) - framework: netstandard15
      System.Runtime (>= 4.3) - framework: netstandard15
    System.Security.Claims (4.3)
      System.Collections (>= 4.3) - framework: netstandard15
      System.Globalization (>= 4.3) - framework: netstandard15
      System.IO (>= 4.3) - framework: netstandard15
      System.Resources.ResourceManager (>= 4.3) - framework: netstandard15
      System.Runtime (>= 4.3) - framework: netstandard15
      System.Runtime.Extensions (>= 4.3) - framework: netstandard15
      System.Security.Principal (>= 4.3) - framework: netstandard15
    System.Security.Cryptography.Algorithms (4.3)
      System.Security.Cryptography.Primitives (>= 4.3) - framework: net46
    System.Security.Cryptography.Encoding (4.3)
      Microsoft.NETCore.Platforms (>= 1.1) - framework: netstandard15
      runtime.native.System.Security.Cryptography.OpenSsl (>= 4.3) - framework: netstandard15
      System.Collections (>= 4.3) - framework: netstandard15
      System.Collections.Concurrent (>= 4.3) - framework: netstandard15
      System.Linq (>= 4.3) - framework: netstandard15
      System.Resources.ResourceManager (>= 4.3) - framework: netstandard15
      System.Runtime (>= 4.3) - framework: netstandard15
      System.Runtime.Extensions (>= 4.3) - framework: netstandard15
      System.Runtime.Handles (>= 4.3) - framework: netstandard15
      System.Runtime.InteropServices (>= 4.3) - framework: netstandard15
      System.Security.Cryptography.Primitives (>= 4.3) - framework: netstandard15
      System.Text.Encoding (>= 4.3) - framework: netstandard15
    System.Security.Cryptography.Primitives (4.3)
    System.Security.Cryptography.X509Certificates (4.3)
      System.Security.Cryptography.Algorithms (>= 4.3) - framework: net46
      System.Security.Cryptography.Encoding (>= 4.3) - framework: net46
    System.Security.Principal (4.3)
      System.Runtime (>= 4.3) - framework: netstandard15
    System.Security.Principal.Windows (4.3)
      Microsoft.NETCore.Platforms (>= 1.1) - framework: netstandard15
      Microsoft.Win32.Primitives (>= 4.3) - framework: netstandard15
      System.Collections (>= 4.3) - framework: netstandard15
      System.Diagnostics.Debug (>= 4.3) - framework: netstandard15
      System.Reflection (>= 4.3) - framework: netstandard15
      System.Resources.ResourceManager (>= 4.3) - framework: netstandard15
      System.Runtime (>= 4.3) - framework: netstandard15
      System.Runtime.Extensions (>= 4.3) - framework: netstandard15
      System.Runtime.Handles (>= 4.3) - framework: netstandard15
      System.Runtime.InteropServices (>= 4.3) - framework: netstandard15
      System.Security.Claims (>= 4.3)
      System.Security.Principal (>= 4.3) - framework: netstandard15
      System.Text.Encoding (>= 4.3) - framework: netstandard15
      System.Threading (>= 4.3) - framework: netstandard15
    System.Text.Encoding (4.3)
      Microsoft.NETCore.Platforms (>= 1.1) - framework: netstandard15
      Microsoft.NETCore.Targets (>= 1.1) - framework: netstandard15
      System.Runtime (>= 4.3) - framework: netstandard15
    System.Text.Encoding.Extensions (4.3)
      Microsoft.NETCore.Platforms (>= 1.1) - framework: netstandard15
      Microsoft.NETCore.Targets (>= 1.1) - framework: netstandard15
      System.Runtime (>= 4.3) - framework: netstandard15
      System.Text.Encoding (>= 4.3) - framework: netstandard15
    System.Text.RegularExpressions (4.3)
    System.Threading (4.3)
      System.Runtime (>= 4.3) - framework: netstandard15
      System.Threading.Tasks (>= 4.3) - framework: netstandard15
    System.Threading.Overlapped (4.3)
      Microsoft.NETCore.Platforms (>= 1.1) - framework: netstandard15
      System.Resources.ResourceManager (>= 4.3) - framework: netstandard15
      System.Runtime (>= 4.3) - framework: netstandard15
      System.Runtime.Handles (>= 4.3) - framework: netstandard15
    System.Threading.Tasks (4.3)
      Microsoft.NETCore.Platforms (>= 1.1) - framework: netstandard15
      Microsoft.NETCore.Targets (>= 1.1) - framework: netstandard15
      System.Runtime (>= 4.3) - framework: netstandard15
    System.Threading.Tasks.Extensions (4.3)
      System.Collections (>= 4.3) - framework: netstandard15
      System.Runtime (>= 4.3) - framework: netstandard15
      System.Threading.Tasks (>= 4.3) - framework: netstandard15
    System.Threading.Thread (4.3)
      System.Runtime (>= 4.3) - framework: netstandard15
    System.Threading.ThreadPool (4.3)
      System.Runtime (>= 4.3) - framework: netstandard15
      System.Runtime.Handles (>= 4.3) - framework: netstandard15
    System.Threading.Timer (4.3)
      Microsoft.NETCore.Platforms (>= 1.1) - framework: netstandard15
      Microsoft.NETCore.Targets (>= 1.1) - framework: netstandard15
      System.Runtime (>= 4.3) - framework: netstandard15
    System.Xml.ReaderWriter (4.3)
      System.Collections (>= 4.3) - framework: netstandard15
      System.Diagnostics.Debug (>= 4.3) - framework: netstandard15
      System.Globalization (>= 4.3) - framework: netstandard15
      System.IO (>= 4.3) - framework: netstandard15
      System.IO.FileSystem (>= 4.3) - framework: netstandard15
      System.IO.FileSystem.Primitives (>= 4.3) - framework: netstandard15
      System.Resources.ResourceManager (>= 4.3) - framework: netstandard15
      System.Runtime (>= 4.3) - framework: netstandard15
      System.Runtime.Extensions (>= 4.3) - framework: netstandard15
      System.Runtime.InteropServices (>= 4.3) - framework: netstandard15
      System.Text.Encoding (>= 4.3) - framework: netstandard15
      System.Text.Encoding.Extensions (>= 4.3) - framework: netstandard15
      System.Text.RegularExpressions (>= 4.3) - framework: netstandard15
      System.Threading.Tasks (>= 4.3) - framework: netstandard15
      System.Threading.Tasks.Extensions (>= 4.3) - framework: netstandard15
    System.Xml.XDocument (4.3)
      System.Collections (>= 4.3) - framework: netstandard15
      System.Diagnostics.Debug (>= 4.3) - framework: netstandard15
      System.Diagnostics.Tools (>= 4.3) - framework: netstandard15
      System.Globalization (>= 4.3) - framework: netstandard15
      System.IO (>= 4.3) - framework: netstandard15
      System.Reflection (>= 4.3) - framework: netstandard15
      System.Resources.ResourceManager (>= 4.3) - framework: netstandard15
      System.Runtime (>= 4.3) - framework: netstandard15
      System.Runtime.Extensions (>= 4.3) - framework: netstandard15
      System.Text.Encoding (>= 4.3) - framework: netstandard15
      System.Threading (>= 4.3) - framework: netstandard15
      System.Xml.ReaderWriter (>= 4.3) - framework: netstandard15
    System.Xml.XmlDocument (4.3)
      System.Collections (>= 4.3) - framework: netstandard15
      System.Diagnostics.Debug (>= 4.3) - framework: netstandard15
      System.Globalization (>= 4.3) - framework: netstandard15
      System.IO (>= 4.3) - framework: netstandard15
      System.Resources.ResourceManager (>= 4.3) - framework: netstandard15
      System.Runtime (>= 4.3) - framework: netstandard15
      System.Runtime.Extensions (>= 4.3) - framework: netstandard15
      System.Text.Encoding (>= 4.3) - framework: netstandard15
      System.Threading (>= 4.3) - framework: netstandard15
      System.Xml.ReaderWriter (>= 4.3) - framework: netstandard15

GROUP build
NUGET
  remote: https://www.nuget.org/api/v2
    FAKE (4.60)

GROUP test
FRAMEWORK: NET46, NETSTANDARD15
NUGET
  remote: https://www.nuget.org/api/v2
    Autofac (4.5)
      NETStandard.Library (>= 1.6) - framework: netstandard15
      System.ComponentModel (>= 4.0.1) - framework: netstandard15
    Castle.Core (4.0)
      System.AppContext (>= 4.1) - framework: netstandard15
      System.Collections.Specialized (>= 4.0.1) - framework: netstandard15
      System.ComponentModel.TypeConverter (>= 4.0.1) - framework: netstandard15
      System.Console (>= 4.0) - framework: netstandard15
      System.Diagnostics.Debug (>= 4.0.11) - framework: netstandard15
      System.Diagnostics.Tools (>= 4.0.1) - framework: netstandard15
      System.Diagnostics.TraceSource (>= 4.0) - framework: netstandard15
      System.Dynamic.Runtime (>= 4.0.11) - framework: netstandard15
      System.Globalization (>= 4.0.11) - framework: netstandard15
      System.IO.FileSystem (>= 4.0.1) - framework: netstandard15
      System.Linq (>= 4.1) - framework: netstandard15
      System.ObjectModel (>= 4.0.12) - framework: netstandard15
      System.Reflection (>= 4.1) - framework: netstandard15
      System.Reflection.Emit (>= 4.0.1) - framework: netstandard15
      System.Reflection.Emit.Lightweight (>= 4.0.1) - framework: netstandard15
      System.Reflection.Extensions (>= 4.0.1) - framework: netstandard15
      System.Reflection.TypeExtensions (>= 4.1) - framework: netstandard15
      System.Resources.ResourceManager (>= 4.0.1) - framework: netstandard15
      System.Runtime.Extensions (>= 4.1) - framework: netstandard15
      System.Runtime.InteropServices (>= 4.1) - framework: netstandard15
      System.Threading (>= 4.0.11) - framework: netstandard15
      System.Xml.XmlDocument (>= 4.0.1) - framework: netstandard15
      System.Xml.XmlSerializer (>= 4.0.11) - framework: netstandard15
    log4net (2.0.8)
      System.AppContext (>= 4.1) - framework: netstandard15
      System.Collections.NonGeneric (>= 4.0.1) - framework: netstandard15
      System.Console (>= 4.0) - framework: netstandard15
      System.Diagnostics.Debug (>= 4.0.11) - framework: netstandard15
      System.Diagnostics.Process (>= 4.1) - framework: netstandard15
      System.Diagnostics.StackTrace (>= 4.0.1) - framework: netstandard15
      System.Diagnostics.TraceSource (>= 4.0) - framework: netstandard15
      System.IO.FileSystem (>= 4.0.1) - framework: netstandard15
      System.IO.FileSystem.Watcher (>= 4.0) - framework: netstandard15
      System.Linq (>= 4.1) - framework: netstandard15
      System.Net.NameResolution (>= 4.0) - framework: netstandard15
      System.Net.Requests (>= 4.0.11) - framework: netstandard15
      System.Net.Sockets (>= 4.1) - framework: netstandard15
      System.Reflection (>= 4.3) - framework: netstandard15
      System.Reflection.Extensions (>= 4.0.1) - framework: netstandard15
      System.Reflection.TypeExtensions (>= 4.1) - framework: netstandard15
      System.Runtime.Extensions (>= 4.1) - framework: netstandard15
      System.Runtime.InteropServices (>= 4.1) - framework: netstandard15
      System.Runtime.InteropServices.RuntimeInformation (>= 4.0) - framework: netstandard15
      System.Runtime.Serialization.Formatters (>= 4.3) - framework: netstandard15
      System.Text.RegularExpressions (>= 4.1) - framework: netstandard15
      System.Threading (>= 4.0.11) - framework: netstandard15
      System.Threading.Thread (>= 4.0) - framework: netstandard15
      System.Threading.Timer (>= 4.0.1) - framework: netstandard15
      System.Xml.ReaderWriter (>= 4.0.11) - framework: netstandard15
      System.Xml.XmlDocument (>= 4.0.1) - framework: netstandard15
    Microsoft.CSharp (4.3)
      System.Collections (>= 4.3) - framework: netstandard15
      System.Diagnostics.Debug (>= 4.3) - framework: netstandard15
      System.Dynamic.Runtime (>= 4.3) - framework: netstandard15
      System.Globalization (>= 4.3) - framework: netstandard15
      System.Linq (>= 4.3) - framework: netstandard15
      System.Linq.Expressions (>= 4.3) - framework: netstandard15
      System.ObjectModel (>= 4.3) - framework: netstandard15
      System.Reflection (>= 4.3) - framework: netstandard15
      System.Reflection.Extensions (>= 4.3) - framework: netstandard15
      System.Reflection.Primitives (>= 4.3) - framework: netstandard15
      System.Reflection.TypeExtensions (>= 4.3) - framework: netstandard15
      System.Resources.ResourceManager (>= 4.3) - framework: netstandard15
      System.Runtime (>= 4.3) - framework: netstandard15
      System.Runtime.Extensions (>= 4.3) - framework: netstandard15
      System.Runtime.InteropServices (>= 4.3) - framework: netstandard15
      System.Threading (>= 4.3) - framework: netstandard15
    Microsoft.Extensions.Configuration (1.1.1)
      Microsoft.Extensions.Configuration.Abstractions (>= 1.1.1)
      NETStandard.Library (>= 1.6.1)
    Microsoft.Extensions.Configuration.Abstractions (1.1.1)
      Microsoft.Extensions.Primitives (>= 1.1) - framework: netstandard15
      NETStandard.Library (>= 1.6.1) - framework: netstandard15
    Microsoft.Extensions.Configuration.FileExtensions (1.1.1)
      Microsoft.Extensions.Configuration (>= 1.1.1)
      Microsoft.Extensions.FileProviders.Physical (>= 1.1)
      NETStandard.Library (>= 1.6.1)
      System.Threading.Thread (>= 4.3) - framework: netstandard15
    Microsoft.Extensions.Configuration.Json (1.1.1)
      Microsoft.Extensions.Configuration (>= 1.1.1)
      Microsoft.Extensions.Configuration.FileExtensions (>= 1.1.1)
      NETStandard.Library (>= 1.6.1)
      Newtonsoft.Json (>= 9.0.1)
      System.Dynamic.Runtime (>= 4.3) - framework: netstandard15
      System.Runtime.Serialization.Primitives (>= 4.3) - framework: netstandard15
    Microsoft.Extensions.FileProviders.Abstractions (1.1)
      Microsoft.Extensions.Primitives (>= 1.1) - framework: netstandard15
      NETStandard.Library (>= 1.6.1) - framework: netstandard15
    Microsoft.Extensions.FileProviders.Physical (1.1)
      Microsoft.Extensions.FileProviders.Abstractions (>= 1.1)
      Microsoft.Extensions.FileSystemGlobbing (>= 1.1)
      NETStandard.Library (>= 1.6.1)
      System.IO.FileSystem.Watcher (>= 4.3) - framework: netstandard15
    Microsoft.Extensions.FileSystemGlobbing (1.1)
      NETStandard.Library (>= 1.6.1)
    Microsoft.Extensions.Primitives (1.1)
      NETStandard.Library (>= 1.6.1) - framework: netstandard15
      System.Runtime.CompilerServices.Unsafe (>= 4.3) - framework: netstandard15
    Microsoft.NET.Test.Sdk (15.0)
      Microsoft.TestPlatform.TestHost (>= 15.0)
    Microsoft.NETCore.Platforms (1.1)
    Microsoft.NETCore.Targets (1.1)
    Microsoft.TestPlatform.TestHost (15.0)
    Microsoft.Win32.Primitives (4.3)
      Microsoft.NETCore.Platforms (>= 1.1) - framework: netstandard15
      Microsoft.NETCore.Targets (>= 1.1) - framework: netstandard15
      System.Runtime (>= 4.3) - framework: netstandard15
    Microsoft.Win32.Registry (4.3)
      Microsoft.NETCore.Platforms (>= 1.1) - framework: netstandard15
      System.Collections (>= 4.3) - framework: netstandard15
      System.Globalization (>= 4.3) - framework: netstandard15
      System.Resources.ResourceManager (>= 4.3) - framework: netstandard15
      System.Runtime (>= 4.3) - framework: netstandard15
      System.Runtime.Extensions (>= 4.3) - framework: netstandard15
      System.Runtime.Handles (>= 4.3) - framework: netstandard15
      System.Runtime.InteropServices (>= 4.3) - framework: netstandard15
    Moq (4.7.9)
      Castle.Core (>= 4.0)
      System.Collections (>= 4.0.11) - framework: netstandard15
      System.Collections.Concurrent (>= 4.0.12) - framework: netstandard15
      System.Diagnostics.Debug (>= 4.0.11) - framework: netstandard15
      System.Diagnostics.Tools (>= 4.0.1) - framework: netstandard15
      System.Globalization (>= 4.0.11) - framework: netstandard15
      System.Linq (>= 4.1) - framework: netstandard15
      System.Linq.Expressions (>= 4.1) - framework: netstandard15
      System.Linq.Queryable (>= 4.0.1) - framework: netstandard15
      System.Reflection (>= 4.1) - framework: netstandard15
      System.Reflection.Emit (>= 4.0.1) - framework: netstandard15
      System.Reflection.Emit.ILGeneration (>= 4.0.1) - framework: netstandard15
      System.Reflection.Extensions (>= 4.0.1) - framework: netstandard15
      System.Reflection.Primitives (>= 4.0.1) - framework: netstandard15
      System.Reflection.TypeExtensions (>= 4.1) - framework: netstandard15
      System.Resources.ResourceManager (>= 4.0.1) - framework: netstandard15
      System.Runtime (>= 4.1) - framework: netstandard15
      System.Runtime.Extensions (>= 4.1) - framework: netstandard15
      System.Text.RegularExpressions (>= 4.1) - framework: netstandard15
      System.Threading (>= 4.0.11) - framework: netstandard15
      System.Threading.Tasks (>= 4.0.11) - framework: netstandard15
    NETStandard.Library (1.6.1)
      Microsoft.NETCore.Platforms (>= 1.1) - framework: netstandard15
      Microsoft.Win32.Primitives (>= 4.3)
      System.AppContext (>= 4.3)
      System.Collections (>= 4.3) - framework: netstandard15
      System.Collections.Concurrent (>= 4.3)
      System.Console (>= 4.3)
      System.Diagnostics.Debug (>= 4.3) - framework: netstandard15
      System.Diagnostics.Tools (>= 4.3) - framework: netstandard15
      System.Diagnostics.Tracing (>= 4.3)
      System.Globalization (>= 4.3) - framework: netstandard15
      System.Globalization.Calendars (>= 4.3)
      System.IO (>= 4.3) - framework: netstandard15
      System.IO.Compression (>= 4.3)
      System.IO.Compression.ZipFile (>= 4.3)
      System.IO.FileSystem (>= 4.3)
      System.IO.FileSystem.Primitives (>= 4.3)
      System.Linq (>= 4.3) - framework: netstandard15
      System.Linq.Expressions (>= 4.3) - framework: netstandard15
      System.Net.Http (>= 4.3)
      System.Net.Primitives (>= 4.3) - framework: netstandard15
      System.Net.Sockets (>= 4.3)
      System.ObjectModel (>= 4.3) - framework: netstandard15
      System.Reflection (>= 4.3) - framework: netstandard15
      System.Reflection.Extensions (>= 4.3) - framework: netstandard15
      System.Reflection.Primitives (>= 4.3) - framework: netstandard15
      System.Resources.ResourceManager (>= 4.3) - framework: netstandard15
      System.Runtime (>= 4.3) - framework: netstandard15
      System.Runtime.Extensions (>= 4.3) - framework: netstandard15
      System.Runtime.Handles (>= 4.3)
      System.Runtime.InteropServices (>= 4.3)
      System.Runtime.InteropServices.RuntimeInformation (>= 4.3)
      System.Runtime.Numerics (>= 4.3)
      System.Security.Cryptography.Algorithms (>= 4.3)
      System.Security.Cryptography.Encoding (>= 4.3)
      System.Security.Cryptography.Primitives (>= 4.3)
      System.Security.Cryptography.X509Certificates (>= 4.3)
      System.Text.Encoding (>= 4.3) - framework: netstandard15
      System.Text.Encoding.Extensions (>= 4.3) - framework: netstandard15
      System.Text.RegularExpressions (>= 4.3) - framework: netstandard15
      System.Threading (>= 4.3) - framework: netstandard15
      System.Threading.Tasks (>= 4.3) - framework: netstandard15
      System.Threading.Timer (>= 4.3)
      System.Xml.ReaderWriter (>= 4.3) - framework: netstandard15
      System.Xml.XDocument (>= 4.3) - framework: netstandard15
    Newtonsoft.Json (10.0.2)
      Microsoft.CSharp (>= 4.3) - framework: netstandard15
      NETStandard.Library (>= 1.6.1) - framework: netstandard15
      System.ComponentModel.TypeConverter (>= 4.3) - framework: netstandard15
      System.Runtime.Serialization.Formatters (>= 4.3) - framework: netstandard15
      System.Runtime.Serialization.Primitives (>= 4.3) - framework: netstandard15
      System.Xml.XmlDocument (>= 4.3) - framework: netstandard15
    runtime.debian.8-x64.runtime.native.System.Security.Cryptography.OpenSsl (4.3)
    runtime.fedora.23-x64.runtime.native.System.Security.Cryptography.OpenSsl (4.3)
    runtime.fedora.24-x64.runtime.native.System.Security.Cryptography.OpenSsl (4.3)
    runtime.native.System (4.3)
      Microsoft.NETCore.Platforms (>= 1.1)
      Microsoft.NETCore.Targets (>= 1.1)
    runtime.native.System.IO.Compression (4.3)
      Microsoft.NETCore.Platforms (>= 1.1)
      Microsoft.NETCore.Targets (>= 1.1)
    runtime.native.System.Security.Cryptography.OpenSsl (4.3)
      runtime.debian.8-x64.runtime.native.System.Security.Cryptography.OpenSsl (>= 4.3)
      runtime.fedora.23-x64.runtime.native.System.Security.Cryptography.OpenSsl (>= 4.3)
      runtime.fedora.24-x64.runtime.native.System.Security.Cryptography.OpenSsl (>= 4.3)
      runtime.opensuse.13.2-x64.runtime.native.System.Security.Cryptography.OpenSsl (>= 4.3)
      runtime.opensuse.42.1-x64.runtime.native.System.Security.Cryptography.OpenSsl (>= 4.3)
      runtime.osx.10.10-x64.runtime.native.System.Security.Cryptography.OpenSsl (>= 4.3)
      runtime.rhel.7-x64.runtime.native.System.Security.Cryptography.OpenSsl (>= 4.3)
      runtime.ubuntu.14.04-x64.runtime.native.System.Security.Cryptography.OpenSsl (>= 4.3)
      runtime.ubuntu.16.04-x64.runtime.native.System.Security.Cryptography.OpenSsl (>= 4.3)
      runtime.ubuntu.16.10-x64.runtime.native.System.Security.Cryptography.OpenSsl (>= 4.3)
    runtime.opensuse.13.2-x64.runtime.native.System.Security.Cryptography.OpenSsl (4.3)
    runtime.opensuse.42.1-x64.runtime.native.System.Security.Cryptography.OpenSsl (4.3)
    runtime.osx.10.10-x64.runtime.native.System.Security.Cryptography.OpenSsl (4.3)
    runtime.rhel.7-x64.runtime.native.System.Security.Cryptography.OpenSsl (4.3)
    runtime.ubuntu.14.04-x64.runtime.native.System.Security.Cryptography.OpenSsl (4.3)
    runtime.ubuntu.16.04-x64.runtime.native.System.Security.Cryptography.OpenSsl (4.3)
    runtime.ubuntu.16.10-x64.runtime.native.System.Security.Cryptography.OpenSsl (4.3)
    System.AppContext (4.3)
    System.Buffers (4.3)
      System.Diagnostics.Debug (>= 4.3) - framework: netstandard15
      System.Diagnostics.Tracing (>= 4.3) - framework: netstandard15
      System.Resources.ResourceManager (>= 4.3) - framework: netstandard15
      System.Runtime (>= 4.3) - framework: netstandard15
      System.Threading (>= 4.3) - framework: netstandard15
    System.Collections (4.3)
      Microsoft.NETCore.Platforms (>= 1.1) - framework: netstandard15
      Microsoft.NETCore.Targets (>= 1.1) - framework: netstandard15
      System.Runtime (>= 4.3) - framework: netstandard15
    System.Collections.Concurrent (4.3)
      System.Collections (>= 4.3) - framework: netstandard15
      System.Diagnostics.Debug (>= 4.3) - framework: netstandard15
      System.Diagnostics.Tracing (>= 4.3) - framework: netstandard15
      System.Globalization (>= 4.3) - framework: netstandard15
      System.Reflection (>= 4.3) - framework: netstandard15
      System.Resources.ResourceManager (>= 4.3) - framework: netstandard15
      System.Runtime (>= 4.3) - framework: netstandard15
      System.Runtime.Extensions (>= 4.3) - framework: netstandard15
      System.Threading (>= 4.3) - framework: netstandard15
      System.Threading.Tasks (>= 4.3) - framework: netstandard15
    System.Collections.Immutable (1.3.1)
      System.Collections (>= 4.3) - framework: netstandard15
      System.Diagnostics.Debug (>= 4.3) - framework: netstandard15
      System.Globalization (>= 4.3) - framework: netstandard15
      System.Linq (>= 4.3) - framework: netstandard15
      System.Resources.ResourceManager (>= 4.3) - framework: netstandard15
      System.Runtime (>= 4.3) - framework: netstandard15
      System.Runtime.Extensions (>= 4.3) - framework: netstandard15
      System.Threading (>= 4.3) - framework: netstandard15
    System.Collections.NonGeneric (4.3)
      System.Diagnostics.Debug (>= 4.3) - framework: netstandard15
      System.Globalization (>= 4.3) - framework: netstandard15
      System.Resources.ResourceManager (>= 4.3) - framework: netstandard15
      System.Runtime (>= 4.3) - framework: netstandard15
      System.Runtime.Extensions (>= 4.3) - framework: netstandard15
      System.Threading (>= 4.3) - framework: netstandard15
    System.Collections.Specialized (4.3)
      System.Collections.NonGeneric (>= 4.3) - framework: netstandard15
      System.Globalization (>= 4.3) - framework: netstandard15
      System.Globalization.Extensions (>= 4.3) - framework: netstandard15
      System.Resources.ResourceManager (>= 4.3) - framework: netstandard15
      System.Runtime (>= 4.3) - framework: netstandard15
      System.Runtime.Extensions (>= 4.3) - framework: netstandard15
      System.Threading (>= 4.3) - framework: netstandard15
    System.ComponentModel (4.3)
      System.Runtime (>= 4.3) - framework: netstandard15
    System.ComponentModel.Primitives (4.3)
      System.ComponentModel (>= 4.3) - framework: netstandard15
      System.Resources.ResourceManager (>= 4.3) - framework: netstandard15
      System.Runtime (>= 4.3) - framework: netstandard15
    System.ComponentModel.TypeConverter (4.3)
      System.Collections (>= 4.3) - framework: netstandard15
      System.Collections.NonGeneric (>= 4.3) - framework: net46, >= net462, netstandard15
      System.Collections.Specialized (>= 4.3) - framework: netstandard15
      System.ComponentModel (>= 4.3) - framework: netstandard15
      System.ComponentModel.Primitives (>= 4.3) - framework: net45, net46, >= net462, netstandard15
      System.Globalization (>= 4.3) - framework: netstandard15
      System.Linq (>= 4.3) - framework: netstandard15
      System.Reflection (>= 4.3) - framework: netstandard15
      System.Reflection.Extensions (>= 4.3) - framework: netstandard15
      System.Reflection.Primitives (>= 4.3) - framework: netstandard15
      System.Reflection.TypeExtensions (>= 4.3) - framework: netstandard15
      System.Resources.ResourceManager (>= 4.3) - framework: netstandard15
      System.Runtime (>= 4.3) - framework: netstandard15
      System.Runtime.Extensions (>= 4.3) - framework: netstandard15
      System.Threading (>= 4.3) - framework: netstandard15
    System.Console (4.3)
      Microsoft.NETCore.Platforms (>= 1.1) - framework: netstandard15
      Microsoft.NETCore.Targets (>= 1.1) - framework: netstandard15
      System.IO (>= 4.3) - framework: netstandard15
      System.Runtime (>= 4.3) - framework: netstandard15
      System.Text.Encoding (>= 4.3) - framework: netstandard15
    System.Diagnostics.Debug (4.3)
      Microsoft.NETCore.Platforms (>= 1.1) - framework: netstandard15
      Microsoft.NETCore.Targets (>= 1.1) - framework: netstandard15
      System.Runtime (>= 4.3) - framework: netstandard15
    System.Diagnostics.Process (4.3)
      Microsoft.NETCore.Platforms (>= 1.1) - framework: netstandard15
      Microsoft.Win32.Primitives (>= 4.3) - framework: netstandard15
      Microsoft.Win32.Registry (>= 4.3) - framework: netstandard15
      runtime.native.System (>= 4.3) - framework: netstandard15
      System.Collections (>= 4.3) - framework: netstandard15
      System.Diagnostics.Debug (>= 4.3) - framework: netstandard15
      System.Globalization (>= 4.3) - framework: netstandard15
      System.IO (>= 4.3) - framework: netstandard15
      System.IO.FileSystem (>= 4.3) - framework: netstandard15
      System.IO.FileSystem.Primitives (>= 4.3) - framework: netstandard15
      System.Resources.ResourceManager (>= 4.3) - framework: netstandard15
      System.Runtime (>= 4.3) - framework: netstandard15
      System.Runtime.Extensions (>= 4.3) - framework: netstandard15
      System.Runtime.Handles (>= 4.3) - framework: netstandard15
      System.Runtime.InteropServices (>= 4.3) - framework: netstandard15
      System.Text.Encoding (>= 4.3) - framework: netstandard15
      System.Text.Encoding.Extensions (>= 4.3) - framework: netstandard15
      System.Threading (>= 4.3) - framework: netstandard15
      System.Threading.Tasks (>= 4.3) - framework: netstandard15
      System.Threading.Thread (>= 4.3) - framework: netstandard15
      System.Threading.ThreadPool (>= 4.3) - framework: netstandard15
    System.Diagnostics.StackTrace (4.3)
      System.IO.FileSystem (>= 4.3) - framework: netstandard15
      System.Reflection (>= 4.3) - framework: netstandard15
      System.Reflection.Metadata (>= 1.4.1) - framework: netstandard15
      System.Runtime (>= 4.3) - framework: netstandard15
    System.Diagnostics.Tools (4.3)
      Microsoft.NETCore.Platforms (>= 1.1) - framework: netstandard15
      Microsoft.NETCore.Targets (>= 1.1) - framework: netstandard15
      System.Runtime (>= 4.3) - framework: netstandard15
    System.Diagnostics.TraceSource (4.3)
      Microsoft.NETCore.Platforms (>= 1.1) - framework: netstandard15
      runtime.native.System (>= 4.3) - framework: netstandard15
      System.Collections (>= 4.3) - framework: netstandard15
      System.Diagnostics.Debug (>= 4.3) - framework: netstandard15
      System.Globalization (>= 4.3) - framework: netstandard15
      System.Resources.ResourceManager (>= 4.3) - framework: netstandard15
      System.Runtime (>= 4.3) - framework: netstandard15
      System.Runtime.Extensions (>= 4.3) - framework: netstandard15
      System.Threading (>= 4.3) - framework: netstandard15
    System.Diagnostics.Tracing (4.3)
      Microsoft.NETCore.Platforms (>= 1.1) - framework: netstandard15
      Microsoft.NETCore.Targets (>= 1.1) - framework: netstandard15
      System.Runtime (>= 4.3) - framework: netstandard15
    System.Dynamic.Runtime (4.3)
      System.Collections (>= 4.3) - framework: netstandard15
      System.Diagnostics.Debug (>= 4.3) - framework: netstandard15
      System.Linq (>= 4.3) - framework: netstandard15
      System.Linq.Expressions (>= 4.3) - framework: netstandard15
      System.ObjectModel (>= 4.3) - framework: netstandard15
      System.Reflection (>= 4.3) - framework: netstandard15
      System.Reflection.Emit (>= 4.3) - framework: netstandard15
      System.Reflection.Emit.ILGeneration (>= 4.3) - framework: netstandard15
      System.Reflection.Primitives (>= 4.3) - framework: netstandard15
      System.Reflection.TypeExtensions (>= 4.3) - framework: netstandard15
      System.Resources.ResourceManager (>= 4.3) - framework: netstandard15
      System.Runtime (>= 4.3) - framework: netstandard15
      System.Runtime.Extensions (>= 4.3) - framework: netstandard15
      System.Threading (>= 4.3) - framework: netstandard15
    System.Globalization (4.3)
      Microsoft.NETCore.Platforms (>= 1.1) - framework: netstandard15
      Microsoft.NETCore.Targets (>= 1.1) - framework: netstandard15
      System.Runtime (>= 4.3) - framework: netstandard15
    System.Globalization.Calendars (4.3)
      Microsoft.NETCore.Platforms (>= 1.1) - framework: netstandard15
      Microsoft.NETCore.Targets (>= 1.1) - framework: netstandard15
      System.Globalization (>= 4.3) - framework: netstandard15
      System.Runtime (>= 4.3) - framework: netstandard15
    System.Globalization.Extensions (4.3)
      Microsoft.NETCore.Platforms (>= 1.1) - framework: netstandard15
      System.Globalization (>= 4.3) - framework: netstandard15
      System.Resources.ResourceManager (>= 4.3) - framework: netstandard15
      System.Runtime (>= 4.3) - framework: netstandard15
      System.Runtime.Extensions (>= 4.3) - framework: netstandard15
      System.Runtime.InteropServices (>= 4.3) - framework: netstandard15
    System.IO (4.3)
      Microsoft.NETCore.Platforms (>= 1.1) - framework: netstandard15
      Microsoft.NETCore.Targets (>= 1.1) - framework: netstandard15
      System.Runtime (>= 4.3) - framework: netstandard15
      System.Text.Encoding (>= 4.3) - framework: netstandard15
      System.Threading.Tasks (>= 4.3) - framework: netstandard15
    System.IO.Compression (4.3)
      Microsoft.NETCore.Platforms (>= 1.1) - framework: netstandard15
      runtime.native.System (>= 4.3) - framework: netstandard15
      runtime.native.System.IO.Compression (>= 4.3) - framework: netstandard15
      System.Buffers (>= 4.3) - framework: netstandard15
      System.Collections (>= 4.3) - framework: netstandard15
      System.Diagnostics.Debug (>= 4.3) - framework: netstandard15
      System.IO (>= 4.3) - framework: netstandard15
      System.Resources.ResourceManager (>= 4.3) - framework: netstandard15
      System.Runtime (>= 4.3) - framework: netstandard15
      System.Runtime.Extensions (>= 4.3) - framework: netstandard15
      System.Runtime.Handles (>= 4.3) - framework: netstandard15
      System.Runtime.InteropServices (>= 4.3) - framework: netstandard15
      System.Text.Encoding (>= 4.3) - framework: netstandard15
      System.Threading (>= 4.3) - framework: netstandard15
      System.Threading.Tasks (>= 4.3) - framework: netstandard15
    System.IO.Compression.ZipFile (4.3)
      System.Buffers (>= 4.3) - framework: netstandard15
      System.IO (>= 4.3) - framework: netstandard15
      System.IO.Compression (>= 4.3) - framework: netstandard15
      System.IO.FileSystem (>= 4.3) - framework: netstandard15
      System.IO.FileSystem.Primitives (>= 4.3) - framework: netstandard15
      System.Resources.ResourceManager (>= 4.3) - framework: netstandard15
      System.Runtime (>= 4.3) - framework: netstandard15
      System.Runtime.Extensions (>= 4.3) - framework: netstandard15
      System.Text.Encoding (>= 4.3) - framework: netstandard15
    System.IO.FileSystem (4.3)
      Microsoft.NETCore.Platforms (>= 1.1) - framework: netstandard15
      Microsoft.NETCore.Targets (>= 1.1) - framework: netstandard15
      System.IO (>= 4.3) - framework: netstandard15
      System.IO.FileSystem.Primitives (>= 4.3)
      System.Runtime (>= 4.3) - framework: netstandard15
      System.Runtime.Handles (>= 4.3) - framework: netstandard15
      System.Text.Encoding (>= 4.3) - framework: netstandard15
      System.Threading.Tasks (>= 4.3) - framework: netstandard15
    System.IO.FileSystem.Primitives (4.3)
      System.Runtime (>= 4.3) - framework: netstandard15
    System.IO.FileSystem.Watcher (4.3)
      Microsoft.NETCore.Platforms (>= 1.1) - framework: netstandard15
      Microsoft.Win32.Primitives (>= 4.3) - framework: netstandard15
      runtime.native.System (>= 4.3) - framework: netstandard15
      System.Collections (>= 4.3) - framework: netstandard15
      System.IO.FileSystem (>= 4.3) - framework: netstandard15
      System.IO.FileSystem.Primitives (>= 4.3) - framework: netstandard15
      System.Resources.ResourceManager (>= 4.3) - framework: netstandard15
      System.Runtime (>= 4.3) - framework: netstandard15
      System.Runtime.Extensions (>= 4.3) - framework: netstandard15
      System.Runtime.Handles (>= 4.3) - framework: netstandard15
      System.Runtime.InteropServices (>= 4.3) - framework: netstandard15
      System.Text.Encoding (>= 4.3) - framework: netstandard15
      System.Threading (>= 4.3) - framework: netstandard15
      System.Threading.Overlapped (>= 4.3) - framework: netstandard15
      System.Threading.Tasks (>= 4.3) - framework: netstandard15
      System.Threading.Thread (>= 4.3) - framework: netstandard15
    System.Linq (4.3)
    System.Linq.Expressions (4.3)
    System.Linq.Queryable (4.3)
      System.Collections (>= 4.3) - framework: netstandard15
      System.Diagnostics.Debug (>= 4.3) - framework: netstandard15
      System.Linq (>= 4.3) - framework: netstandard15
      System.Linq.Expressions (>= 4.3) - framework: netstandard15
      System.Reflection (>= 4.3) - framework: netstandard15
      System.Reflection.Extensions (>= 4.3) - framework: netstandard15
      System.Resources.ResourceManager (>= 4.3) - framework: netstandard15
      System.Runtime (>= 4.3) - framework: netstandard15
    System.Net.Http (4.3.1)
      System.Security.Cryptography.X509Certificates (>= 4.3) - framework: net46
    System.Net.NameResolution (4.3)
      Microsoft.NETCore.Platforms (>= 1.1) - framework: netstandard15
      runtime.native.System (>= 4.3) - framework: netstandard15
      System.Collections (>= 4.3) - framework: netstandard15
      System.Diagnostics.Tracing (>= 4.3) - framework: netstandard15
      System.Globalization (>= 4.3) - framework: netstandard15
      System.Net.Primitives (>= 4.3) - framework: netstandard15
      System.Resources.ResourceManager (>= 4.3) - framework: netstandard15
      System.Runtime (>= 4.3) - framework: netstandard15
      System.Runtime.Extensions (>= 4.3) - framework: netstandard15
      System.Runtime.Handles (>= 4.3) - framework: netstandard15
      System.Runtime.InteropServices (>= 4.3) - framework: netstandard15
      System.Security.Principal.Windows (>= 4.3) - framework: netstandard15
      System.Threading (>= 4.3) - framework: netstandard15
      System.Threading.Tasks (>= 4.3) - framework: netstandard15
    System.Net.Primitives (4.3)
      Microsoft.NETCore.Platforms (>= 1.1) - framework: netstandard15
      Microsoft.NETCore.Targets (>= 1.1) - framework: netstandard15
      System.Runtime (>= 4.3) - framework: netstandard15
      System.Runtime.Handles (>= 4.3) - framework: netstandard15
    System.Net.Requests (4.3)
      Microsoft.NETCore.Platforms (>= 1.1) - framework: netstandard15
      System.Collections (>= 4.3) - framework: netstandard15
      System.Diagnostics.Debug (>= 4.3) - framework: netstandard15
      System.Diagnostics.Tracing (>= 4.3) - framework: netstandard15
      System.Globalization (>= 4.3) - framework: netstandard15
      System.IO (>= 4.3) - framework: netstandard15
      System.Net.Http (>= 4.3) - framework: netstandard15
      System.Net.Primitives (>= 4.3) - framework: netstandard15
      System.Net.WebHeaderCollection (>= 4.3) - framework: netstandard15
      System.Resources.ResourceManager (>= 4.3) - framework: netstandard15
      System.Runtime (>= 4.3) - framework: netstandard15
      System.Threading (>= 4.3) - framework: netstandard15
      System.Threading.Tasks (>= 4.3) - framework: netstandard15
    System.Net.Sockets (4.3)
      Microsoft.NETCore.Platforms (>= 1.1) - framework: netstandard15
      Microsoft.NETCore.Targets (>= 1.1) - framework: netstandard15
      System.IO (>= 4.3) - framework: netstandard15
      System.Net.Primitives (>= 4.3) - framework: netstandard15
      System.Runtime (>= 4.3) - framework: netstandard15
      System.Threading.Tasks (>= 4.3) - framework: netstandard15
    System.Net.WebHeaderCollection (4.3)
      System.Collections (>= 4.3) - framework: netstandard15
      System.Resources.ResourceManager (>= 4.3) - framework: netstandard15
      System.Runtime (>= 4.3) - framework: netstandard15
      System.Runtime.Extensions (>= 4.3) - framework: netstandard15
    System.ObjectModel (4.3)
      System.Collections (>= 4.3) - framework: netstandard15
      System.Diagnostics.Debug (>= 4.3) - framework: netstandard15
      System.Resources.ResourceManager (>= 4.3) - framework: netstandard15
      System.Runtime (>= 4.3) - framework: netstandard15
      System.Threading (>= 4.3) - framework: netstandard15
    System.Reflection (4.3)
      Microsoft.NETCore.Platforms (>= 1.1) - framework: netstandard15
      Microsoft.NETCore.Targets (>= 1.1) - framework: netstandard15
      System.IO (>= 4.3) - framework: netstandard15
      System.Reflection.Primitives (>= 4.3) - framework: netstandard15
      System.Runtime (>= 4.3) - framework: netstandard15
    System.Reflection.Emit (4.3)
      System.IO (>= 4.3) - framework: netstandard15
      System.Reflection (>= 4.3) - framework: netstandard15
      System.Reflection.Emit.ILGeneration (>= 4.3) - framework: netstandard15
      System.Reflection.Primitives (>= 4.3) - framework: netstandard15
      System.Runtime (>= 4.3) - framework: netstandard15
    System.Reflection.Emit.ILGeneration (4.3)
      System.Reflection (>= 4.3) - framework: netstandard15
      System.Reflection.Primitives (>= 4.3) - framework: netstandard15
      System.Runtime (>= 4.3) - framework: netstandard15
    System.Reflection.Emit.Lightweight (4.3)
      System.Reflection (>= 4.3) - framework: netstandard15
      System.Reflection.Emit.ILGeneration (>= 4.3) - framework: netstandard15
      System.Reflection.Primitives (>= 4.3) - framework: netstandard15
      System.Runtime (>= 4.3) - framework: netstandard15
    System.Reflection.Extensions (4.3)
      Microsoft.NETCore.Platforms (>= 1.1) - framework: netstandard15
      Microsoft.NETCore.Targets (>= 1.1) - framework: netstandard15
      System.Reflection (>= 4.3) - framework: netstandard15
      System.Runtime (>= 4.3) - framework: netstandard15
    System.Reflection.Metadata (1.4.2)
      System.Collections (>= 4.3) - framework: netstandard15
      System.Collections.Immutable (>= 1.3.1)
      System.Diagnostics.Debug (>= 4.3) - framework: netstandard15
      System.IO (>= 4.3) - framework: netstandard15
      System.IO.Compression (>= 4.3) - framework: netstandard15
      System.Linq (>= 4.3) - framework: netstandard15
      System.Reflection (>= 4.3) - framework: netstandard15
      System.Reflection.Extensions (>= 4.3) - framework: netstandard15
      System.Reflection.Primitives (>= 4.3) - framework: netstandard15
      System.Resources.ResourceManager (>= 4.3) - framework: netstandard15
      System.Runtime (>= 4.3) - framework: netstandard15
      System.Runtime.Extensions (>= 4.3) - framework: netstandard15
      System.Runtime.InteropServices (>= 4.3) - framework: netstandard15
      System.Text.Encoding (>= 4.3) - framework: netstandard15
      System.Text.Encoding.Extensions (>= 4.3) - framework: netstandard15
      System.Threading (>= 4.3) - framework: netstandard15
    System.Reflection.Primitives (4.3)
      Microsoft.NETCore.Platforms (>= 1.1) - framework: netstandard15
      Microsoft.NETCore.Targets (>= 1.1) - framework: netstandard15
      System.Runtime (>= 4.3) - framework: netstandard15
    System.Reflection.TypeExtensions (4.3)
      System.Reflection (>= 4.3) - framework: net46, >= net462, netstandard15
      System.Runtime (>= 4.3) - framework: netstandard15
    System.Resources.ResourceManager (4.3)
      Microsoft.NETCore.Platforms (>= 1.1) - framework: netstandard15
      Microsoft.NETCore.Targets (>= 1.1) - framework: netstandard15
      System.Globalization (>= 4.3) - framework: netstandard15
      System.Reflection (>= 4.3) - framework: netstandard15
      System.Runtime (>= 4.3) - framework: netstandard15
    System.Runtime (4.3)
      Microsoft.NETCore.Platforms (>= 1.1) - framework: netstandard15
      Microsoft.NETCore.Targets (>= 1.1) - framework: netstandard15
    System.Runtime.CompilerServices.Unsafe (4.3)
      System.Runtime (>= 4.3) - framework: netstandard15
    System.Runtime.Extensions (4.3)
      Microsoft.NETCore.Platforms (>= 1.1) - framework: netstandard15
      Microsoft.NETCore.Targets (>= 1.1) - framework: netstandard15
      System.Runtime (>= 4.3) - framework: netstandard15
    System.Runtime.Handles (4.3)
      Microsoft.NETCore.Platforms (>= 1.1) - framework: netstandard15
      Microsoft.NETCore.Targets (>= 1.1) - framework: netstandard15
      System.Runtime (>= 4.3) - framework: netstandard15
    System.Runtime.InteropServices (4.3)
      Microsoft.NETCore.Platforms (>= 1.1) - framework: netstandard15
      Microsoft.NETCore.Targets (>= 1.1) - framework: netstandard15
      System.Reflection (>= 4.3) - framework: netstandard15
      System.Reflection.Primitives (>= 4.3) - framework: netstandard15
      System.Runtime (>= 4.3) - framework: net46, >= net462, netstandard15
      System.Runtime.Handles (>= 4.3) - framework: netstandard15
    System.Runtime.InteropServices.RuntimeInformation (4.3)
      runtime.native.System (>= 4.3) - framework: netstandard15
      System.Reflection (>= 4.3) - framework: netstandard15
      System.Reflection.Extensions (>= 4.3) - framework: netstandard15
      System.Resources.ResourceManager (>= 4.3) - framework: netstandard15
      System.Runtime (>= 4.3) - framework: netstandard15
      System.Runtime.InteropServices (>= 4.3) - framework: netstandard15
      System.Threading (>= 4.3) - framework: netstandard15
    System.Runtime.Numerics (4.3)
      System.Globalization (>= 4.3) - framework: netstandard15
      System.Resources.ResourceManager (>= 4.3) - framework: netstandard15
      System.Runtime (>= 4.3) - framework: netstandard15
      System.Runtime.Extensions (>= 4.3) - framework: netstandard15
    System.Runtime.Serialization.Formatters (4.3)
      System.Collections (>= 4.3) - framework: netstandard15
      System.Reflection (>= 4.3) - framework: netstandard15
      System.Resources.ResourceManager (>= 4.3) - framework: netstandard15
      System.Runtime (>= 4.3) - framework: netstandard15
      System.Runtime.Serialization.Primitives (>= 4.3)
    System.Runtime.Serialization.Primitives (4.3)
      System.Resources.ResourceManager (>= 4.3) - framework: netstandard15
      System.Runtime (>= 4.3) - framework: netstandard15
    System.Security.Claims (4.3)
      System.Collections (>= 4.3) - framework: netstandard15
      System.Globalization (>= 4.3) - framework: netstandard15
      System.IO (>= 4.3) - framework: netstandard15
      System.Resources.ResourceManager (>= 4.3) - framework: netstandard15
      System.Runtime (>= 4.3) - framework: netstandard15
      System.Runtime.Extensions (>= 4.3) - framework: netstandard15
      System.Security.Principal (>= 4.3) - framework: netstandard15
    System.Security.Cryptography.Algorithms (4.3)
      System.Security.Cryptography.Primitives (>= 4.3) - framework: net46
    System.Security.Cryptography.Encoding (4.3)
      Microsoft.NETCore.Platforms (>= 1.1) - framework: netstandard15
      runtime.native.System.Security.Cryptography.OpenSsl (>= 4.3) - framework: netstandard15
      System.Collections (>= 4.3) - framework: netstandard15
      System.Collections.Concurrent (>= 4.3) - framework: netstandard15
      System.Linq (>= 4.3) - framework: netstandard15
      System.Resources.ResourceManager (>= 4.3) - framework: netstandard15
      System.Runtime (>= 4.3) - framework: netstandard15
      System.Runtime.Extensions (>= 4.3) - framework: netstandard15
      System.Runtime.Handles (>= 4.3) - framework: netstandard15
      System.Runtime.InteropServices (>= 4.3) - framework: netstandard15
      System.Security.Cryptography.Primitives (>= 4.3) - framework: netstandard15
      System.Text.Encoding (>= 4.3) - framework: netstandard15
    System.Security.Cryptography.Primitives (4.3)
      System.Diagnostics.Debug (>= 4.3) - framework: netstandard15
      System.Globalization (>= 4.3) - framework: netstandard15
      System.IO (>= 4.3) - framework: netstandard15
      System.Resources.ResourceManager (>= 4.3) - framework: netstandard15
      System.Runtime (>= 4.3) - framework: netstandard15
      System.Threading (>= 4.3) - framework: netstandard15
      System.Threading.Tasks (>= 4.3) - framework: netstandard15
    System.Security.Cryptography.X509Certificates (4.3)
      System.Security.Cryptography.Algorithms (>= 4.3) - framework: net46
      System.Security.Cryptography.Encoding (>= 4.3) - framework: net46
    System.Security.Principal (4.3)
      System.Runtime (>= 4.3) - framework: netstandard15
    System.Security.Principal.Windows (4.3)
      Microsoft.NETCore.Platforms (>= 1.1) - framework: netstandard15
      Microsoft.Win32.Primitives (>= 4.3) - framework: netstandard15
      System.Collections (>= 4.3) - framework: netstandard15
      System.Diagnostics.Debug (>= 4.3) - framework: netstandard15
      System.Reflection (>= 4.3) - framework: netstandard15
      System.Resources.ResourceManager (>= 4.3) - framework: netstandard15
      System.Runtime (>= 4.3) - framework: netstandard15
      System.Runtime.Extensions (>= 4.3) - framework: netstandard15
      System.Runtime.Handles (>= 4.3) - framework: netstandard15
      System.Runtime.InteropServices (>= 4.3) - framework: netstandard15
      System.Security.Claims (>= 4.3)
      System.Security.Principal (>= 4.3) - framework: netstandard15
      System.Text.Encoding (>= 4.3) - framework: netstandard15
      System.Threading (>= 4.3) - framework: netstandard15
    System.Text.Encoding (4.3)
      Microsoft.NETCore.Platforms (>= 1.1) - framework: netstandard15
      Microsoft.NETCore.Targets (>= 1.1) - framework: netstandard15
      System.Runtime (>= 4.3) - framework: netstandard15
    System.Text.Encoding.Extensions (4.3)
      Microsoft.NETCore.Platforms (>= 1.1) - framework: netstandard15
      Microsoft.NETCore.Targets (>= 1.1) - framework: netstandard15
      System.Runtime (>= 4.3) - framework: netstandard15
      System.Text.Encoding (>= 4.3) - framework: netstandard15
    System.Text.RegularExpressions (4.3)
    System.Threading (4.3)
      System.Runtime (>= 4.3) - framework: netstandard15
      System.Threading.Tasks (>= 4.3) - framework: netstandard15
    System.Threading.Overlapped (4.3)
      Microsoft.NETCore.Platforms (>= 1.1) - framework: netstandard15
      System.Resources.ResourceManager (>= 4.3) - framework: netstandard15
      System.Runtime (>= 4.3) - framework: netstandard15
      System.Runtime.Handles (>= 4.3) - framework: netstandard15
    System.Threading.Tasks (4.3)
      Microsoft.NETCore.Platforms (>= 1.1) - framework: netstandard15
      Microsoft.NETCore.Targets (>= 1.1) - framework: netstandard15
      System.Runtime (>= 4.3) - framework: netstandard15
    System.Threading.Tasks.Extensions (4.3)
      System.Collections (>= 4.3) - framework: netstandard15
      System.Runtime (>= 4.3) - framework: netstandard15
      System.Threading.Tasks (>= 4.3) - framework: netstandard15
    System.Threading.Thread (4.3)
      System.Runtime (>= 4.3) - framework: netstandard15
    System.Threading.ThreadPool (4.3)
      System.Runtime (>= 4.3) - framework: netstandard15
      System.Runtime.Handles (>= 4.3) - framework: netstandard15
    System.Threading.Timer (4.3)
      Microsoft.NETCore.Platforms (>= 1.1) - framework: netstandard15
      Microsoft.NETCore.Targets (>= 1.1) - framework: netstandard15
      System.Runtime (>= 4.3) - framework: netstandard15
    System.Xml.ReaderWriter (4.3)
      System.Collections (>= 4.3) - framework: netstandard15
      System.Diagnostics.Debug (>= 4.3) - framework: netstandard15
      System.Globalization (>= 4.3) - framework: netstandard15
      System.IO (>= 4.3) - framework: netstandard15
      System.IO.FileSystem (>= 4.3) - framework: netstandard15
      System.IO.FileSystem.Primitives (>= 4.3) - framework: netstandard15
      System.Resources.ResourceManager (>= 4.3) - framework: netstandard15
      System.Runtime (>= 4.3) - framework: netstandard15
      System.Runtime.Extensions (>= 4.3) - framework: netstandard15
      System.Runtime.InteropServices (>= 4.3) - framework: netstandard15
      System.Text.Encoding (>= 4.3) - framework: netstandard15
      System.Text.Encoding.Extensions (>= 4.3) - framework: netstandard15
      System.Text.RegularExpressions (>= 4.3) - framework: netstandard15
      System.Threading.Tasks (>= 4.3) - framework: netstandard15
      System.Threading.Tasks.Extensions (>= 4.3) - framework: netstandard15
    System.Xml.XDocument (4.3)
      System.Collections (>= 4.3) - framework: netstandard15
      System.Diagnostics.Debug (>= 4.3) - framework: netstandard15
      System.Diagnostics.Tools (>= 4.3) - framework: netstandard15
      System.Globalization (>= 4.3) - framework: netstandard15
      System.IO (>= 4.3) - framework: netstandard15
      System.Reflection (>= 4.3) - framework: netstandard15
      System.Resources.ResourceManager (>= 4.3) - framework: netstandard15
      System.Runtime (>= 4.3) - framework: netstandard15
      System.Runtime.Extensions (>= 4.3) - framework: netstandard15
      System.Text.Encoding (>= 4.3) - framework: netstandard15
      System.Threading (>= 4.3) - framework: netstandard15
      System.Xml.ReaderWriter (>= 4.3) - framework: netstandard15
    System.Xml.XmlDocument (4.3)
      System.Collections (>= 4.3) - framework: netstandard15
      System.Diagnostics.Debug (>= 4.3) - framework: netstandard15
      System.Globalization (>= 4.3) - framework: netstandard15
      System.IO (>= 4.3) - framework: netstandard15
      System.Resources.ResourceManager (>= 4.3) - framework: netstandard15
      System.Runtime (>= 4.3) - framework: netstandard15
      System.Runtime.Extensions (>= 4.3) - framework: netstandard15
      System.Text.Encoding (>= 4.3) - framework: netstandard15
      System.Threading (>= 4.3) - framework: netstandard15
      System.Xml.ReaderWriter (>= 4.3) - framework: netstandard15
    System.Xml.XmlSerializer (4.3)
      System.Collections (>= 4.3) - framework: netstandard15
      System.Globalization (>= 4.3) - framework: netstandard15
      System.IO (>= 4.3) - framework: netstandard15
      System.Linq (>= 4.3) - framework: netstandard15
      System.Reflection (>= 4.3) - framework: netstandard15
      System.Reflection.Emit (>= 4.3) - framework: netstandard15
      System.Reflection.Emit.ILGeneration (>= 4.3) - framework: netstandard15
      System.Reflection.Extensions (>= 4.3) - framework: netstandard15
      System.Reflection.Primitives (>= 4.3) - framework: netstandard15
      System.Reflection.TypeExtensions (>= 4.3) - framework: netstandard15
      System.Resources.ResourceManager (>= 4.3) - framework: netstandard15
      System.Runtime (>= 4.3) - framework: netstandard15
      System.Runtime.Extensions (>= 4.3) - framework: netstandard15
      System.Text.RegularExpressions (>= 4.3) - framework: netstandard15
      System.Threading (>= 4.3) - framework: netstandard15
      System.Xml.ReaderWriter (>= 4.3) - framework: netstandard15
      System.Xml.XmlDocument (>= 4.3) - framework: netstandard15
    xunit (2.2)
      xunit.assert (2.2)
      xunit.core (2.2)
    xunit.abstractions (2.0.1)
      NETStandard.Library (>= 1.6) - framework: netstandard15
    xunit.assert (2.2)
      NETStandard.Library (>= 1.6) - framework: netstandard15
    xunit.core (2.2)
      xunit.extensibility.core (2.2)
      xunit.extensibility.execution (2.2)
    xunit.extensibility.core (2.2)
      NETStandard.Library (>= 1.6) - framework: netstandard15
      xunit.abstractions (>= 2.0.1)
    xunit.extensibility.execution (2.2)
      NETStandard.Library (>= 1.6) - framework: netstandard15
      xunit.extensibility.core (2.2)
    xunit.runner.visualstudio (2.2)
